GEM
  remote: http://rubygems.org/
  specs:
    bwoken (1.3.0)
      coffee-script-source
      colorful
      execjs
      rake
    coffee-script-source (1.6.2)
    colorful (0.0.3)
    execjs (1.4.0)
      multi_json (~> 1.0)
    multi_json (1.7.2)
    rake (10.0.4)

PLATFORMS
  ruby

DEPENDENCIES
  bwoken
