GIT
  remote: git://github.com/tcoulter/bwoken.git
  revision: 0475e747ed4ba76ce353373ed0ec2258dd73c7d1
  branch: better-pty
  specs:
    bwoken (1.3.0)
      coffee-script-source
      colorful
      execjs
      rake

GEM
  remote: http://rubygems.org/
  specs:
    coffee-script-source (1.6.2)
    colorful (0.0.3)
    execjs (1.4.0)
      multi_json (~> 1.0)
    multi_json (1.7.2)
    rake (10.0.4)
    state_machine (1.1.2)
    xcodebuild-rb (0.3.0)
      state_machine (~> 1.1.2)

PLATFORMS
  ruby

DEPENDENCIES
  bwoken!
  xcodebuild-rb
